GEM
  remote: https://rubygems.org/
  specs:
    minitest (5.16.3)
    pastel (0.8.0)
      tty-color (~> 0.5)
    rake (13.0.6)
    strings (0.2.1)
      strings-ansi (~> 0.2)
      unicode-display_width (>= 1.5, < 3.0)
      unicode_utils (~> 1.4)
    strings-ansi (0.2.0)
    tty-color (0.6.0)
    tty-cursor (0.7.1)
    tty-option (0.2.0)
    tty-prompt (0.23.1)
      pastel (~> 0.8)
      tty-reader (~> 0.8)
    tty-reader (0.9.0)
      tty-cursor (~> 0.7)
      tty-screen (~> 0.8)
      wisper (~> 2.0)
    tty-screen (0.8.1)
    tty-table (0.12.0)
      pastel (~> 0.8)
      strings (~> 0.2.0)
      tty-screen (~> 0.8)
    unicode-display_width (2.3.0)
    unicode_utils (1.4.0)
    wisper (2.0.1)

PLATFORMS
  x86_64-darwin-20

DEPENDENCIES
  minitest (~> 5.16)
  rake (~> 13.0)
  tty-option (~> 0.2.0)
  tty-prompt (~> 0.23.1)
  tty-table (~> 0.12.0)

BUNDLED WITH
   2.3.22
